PATH
  remote: ~/opengl-core/
  specs:
    opengl-core (2.0.1)

GEM
  remote: https://rubygems.org/
  specs:
    glfw3 (0.4.8)

PLATFORMS
  ruby

DEPENDENCIES
  glfw3
  opengl-core!
